{
  "aor": 0.0015334756097560975,
  "aqi": 0.003822657317073171,
  "bids_meta": {
    "AcquisitionMatrixPE": 96,
    "AcquisitionNumber": 1,
    "AcquisitionTime": "15:23:6.955000",
    "BandwidthPerPixelPhaseEncode": 52.083,
    "BaseResolution": 96,
    "BodyPartExamined": "HEAD",
    "ConversionSoftware": "dcm2niix",
    "ConversionSoftwareVersion": "v1.0.20180622 GCC6.3.0",
    "DerivedVendorReportedEchoSpacing": 0.000600004,
    "DeviceSerialNumber": "18926",
    "DwellTime": 2.6e-06,
    "EchoTime": 0.025,
    "EffectiveEchoSpacing": 0.000200001,
    "FlipAngle": 50,
    "ImageOrientationPatientDICOM": [
      0.999992,
      0.00067012,
      0.00404905,
      2.11009e-10,
      0.98658,
      -0.16328
    ],
    "ImageType": [
      "ORIGINAL",
      "PRIMARY",
      "M",
      "ND",
      "ECHO",
      "00",
      "MOSAIC"
    ],
    "InPlanePhaseEncodingDirectionDICOM": "ROW",
    "InstitutionName": "NIMH",
    "InstitutionalDepartmentName": "Department",
    "MRAcquisitionType": "2D",
    "MagneticFieldStrength": 6.98,
    "Manufacturer": "Siemens",
    "ManufacturersModelName": "Investigational_Device_7T",
    "Modality": "MR",
    "ParallelReductionFactorInPlane": 3,
    "PartialFourier": 1,
    "PatientPosition": "HFS",
    "PercentPhaseFOV": 100,
    "PhaseEncodingDirection": "i",
    "PhaseEncodingSteps": 94,
    "PhaseResolution": 1,
    "PixelBandwidth": 2003,
    "ProcedureStepDescription": "UserProtocols_gonzalez",
    "ProtocolName": "NIH_EPI_2.0iso_TR2_Run11",
    "PulseSequenceDetails": "%CustomerSeq%_inati_nih_epi",
    "ReceiveCoilName": "32Ch_Head_7T",
    "ReconMatrixPE": 96,
    "RepetitionTime": 2,
    "SAR": 0.081572,
    "ScanningSequence": "EP",
    "SequenceName": "epfid2d1_96",
    "SequenceVariant": "SK",
    "SeriesDescription": "NIH_EPI_2.0iso_TR2_Run11",
    "SeriesNumber": 15,
    "ShimSetting": [
      -121,
      182,
      1360,
      1939,
      -100,
      294,
      615,
      -242
    ],
    "SliceThickness": 2,
    "SliceTiming": [
      1.0025,
      0,
      1.04,
      0.0375,
      1.0775,
      0.0725,
      1.115,
      0.11,
      1.1525,
      0.1475,
      1.19,
      0.185,
      1.2275,
      0.2225,
      1.2625,
      0.26,
      1.3,
      0.2975,
      1.3375,
      0.335,
      1.375,
      0.37,
      1.4125,
      0.4075,
      1.45,
      0.445,
      1.4875,
      0.4825,
      1.5225,
      0.52,
      1.56,
      0.5575,
      1.5975,
      0.595,
      1.635,
      0.6325,
      1.6725,
      0.6675,
      1.71,
      0.705,
      1.7475,
      0.7425,
      1.785,
      0.78,
      1.82,
      0.8175,
      1.8575,
      0.855,
      1.895,
      0.8925,
      1.9325,
      0.93,
      1.97,
      0.965
    ],
    "SoftwareVersions": "syngo_MR_B17",
    "SpacingBetweenSlices": 2,
    "StationName": "FMRIFD7T",
    "TaskName": "FullFovNoAttentionTask",
    "TotalReadoutTime": 0.0190001,
    "TxRefAmp": 285,
    "dataset": "ds001555",
    "dcmmeta_affine": [
      [
        -1.9999831914901733,
        4.2201880878778297e-10,
        0.008208253420889378,
        95.76705169677734
      ],
      [
        -0.0013402394251897931,
        1.973159670829773,
        -0.32655632495880127,
        -62.44346618652344
      ],
      [
        0.008098097518086433,
        0.32655906677246094,
        1.9731431007385254,
        -45.61852264404297
      ],
      [
        0.0,
        0.0,
        0.0,
        1.0
      ]
    ],
    "dcmmeta_reorient_transform": [
      [
        0.0,
        -1.0,
        0.0,
        95.0
      ],
      [
        1.0,
        0.0,
        0.0,
        0.0
      ],
      [
        0.0,
        0.0,
        1.0,
        0.0
      ],
      [
        0.0,
        0.0,
        0.0,
        1.0
      ]
    ],
    "dcmmeta_shape": [
      96,
      96,
      54,
      164
    ],
    "dcmmeta_slice_dim": 2,
    "dcmmeta_version": 0.6,
    "global": {
      "const": {
        "AcquisitionMatrix": [
          0,
          96,
          96,
          0
        ],
        "AngioFlag": "N",
        "BitsAllocated": 16,
        "BitsStored": 12,
        "BodyPartExamined": "HEAD",
        "Columns": 768,
        "EchoNumbers": 1,
        "EchoTime": 25.0,
        "EchoTrainLength": 1,
        "FlipAngle": 50.0,
        "HighBit": 11,
        "ImageOrientationPatient": [
          0.99999157803662,
          0.00067011969073,
          0.00404904870684,
          2.110094e-10,
          0.98657984636313,
          -0.1632795356133
        ],
        "ImagePositionPatient": [
          -767.761392775,
          -788.43868109794,
          92.407477460401
        ],
        "ImageType": [
          "ORIGINAL",
          "PRIMARY",
          "M",
          "ND",
          "ECHO_00",
          "MOSAIC"
        ],
        "ImagedNucleus": "1H",
        "ImagingFrequency": 297.205068,
        "InPlanePhaseEncodingDirection": "ROW",
        "LargestImagePixelValue": 4095,
        "MRAcquisitionType": "2D",
        "MagneticFieldStrength": 6.98,
        "Manufacturer": "SIEMENS",
        "ManufacturerModelName": "Investigational_Device_7T",
        "Modality": "MR",
        "NumberOfAverages": 1.0,
        "NumberOfPhaseEncodingSteps": 94,
        "PercentPhaseFieldOfView": 100.0,
        "PercentSampling": 100.0,
        "PerformedProcedureStepStartTime": "135833.816000",
        "PhotometricInterpretation": "MONOCHROME2",
        "PixelBandwidth": 2003.0,
        "PixelRepresentation": 0,
        "PixelSpacing": [
          2.0,
          2.0
        ],
        "PositionReferenceIndicator": "",
        "ProtocolName": "NIH_EPI_2.0iso_TR2_Run11",
        "RepetitionTime": 2000.0,
        "Rows": 768,
        "SAR": 0.08157201477135,
        "SamplesPerPixel": 1,
        "ScanningSequence": "EP",
        "SequenceName": "epfid2d1_96",
        "SequenceVariant": "SK",
        "SeriesDescription": "NIH_EPI_2.0iso_TR2_Run11",
        "SeriesNumber": 15,
        "SliceLocation": -34.417240375035,
        "SliceThickness": 2.0,
        "SmallestImagePixelValue": 0,
        "SoftwareVersions": "syngo MR B17",
        "SpacingBetweenSlices": 1.9999999829181,
        "TransmitCoilName": "32Ch_Head_7T",
        "VariableFlipAngleFlag": "N",
        "WindowCenterWidthExplanation": "Algo1",
        "dBdt": 0.0
      },
