{
  "aor": 0.002720060975609756,
  "aqi": 0.009390843597560976,
  "bids_meta": {
    "AcquisitionMatrixPE": 96,
    "AcquisitionNumber": 1,
    "AcquisitionTime": "11:03:19.287500",
    "BandwidthPerPixelPhaseEncode": 52.083,
    "BaseResolution": 96,
    "BodyPartExamined": "HEAD",
    "ConversionSoftware": "dcm2niix",
    "ConversionSoftwareVersion": "v1.0.20180622 GCC6.3.0",
    "DerivedVendorReportedEchoSpacing": 0.000600004,
    "DeviceSerialNumber": "18926",
    "DwellTime": 2.6e-06,
    "EchoTime": 0.025,
    "EffectiveEchoSpacing": 0.000200001,
    "FlipAngle": 50,
    "ImageOrientationPatientDICOM": [
      0.999992,
      0.000228905,
      0.00409774,
      1.99989e-10,
      0.998443,
      -0.0557745
    ],
    "ImageType": [
      "ORIGINAL",
      "PRIMARY",
      "M",
      "ND",
      "ECHO",
      "00",
      "MOSAIC"
    ],
    "InPlanePhaseEncodingDirectionDICOM": "ROW",
    "InstitutionName": "NIMH",
    "InstitutionalDepartmentName": "Department",
    "MRAcquisitionType": "2D",
    "MagneticFieldStrength": 6.98,
    "Manufacturer": "Siemens",
    "ManufacturersModelName": "Investigational_Device_7T",
    "Modality": "MR",
    "ParallelReductionFactorInPlane": 3,
    "PartialFourier": 1,
    "PatientPosition": "HFS",
    "PercentPhaseFOV": 100,
    "PhaseEncodingDirection": "i",
    "PhaseEncodingSteps": 94,
    "PhaseResolution": 1,
    "PixelBandwidth": 2003,
    "ProcedureStepDescription": "MRI_Procedure_Limited",
    "ProtocolName": "NIH_EPI_2.0iso_TR2_Run06",
    "PulseSequenceDetails": "%CustomerSeq%_inati_nih_epi",
    "ReceiveCoilName": "32Ch_Head_7T",
    "ReconMatrixPE": 96,
    "RepetitionTime": 2,
    "SAR": 0.0917494,
    "ScanningSequence": "EP",
    "SequenceName": "epfid2d1_96",
    "SequenceVariant": "SK",
    "SeriesDescription": "NIH_EPI_2.0iso_TR2_Run06",
    "SeriesNumber": 11,
    "ShimSetting": [
      -116,
      198,
      1010,
      2037,
      -170,
      849,
      901,
      -364
    ],
    "SliceThickness": 2,
    "SliceTiming": [
      1.0025,
      0,
      1.04,
      0.0375,
      1.0775,
      0.075,
      1.115,
      0.1125,
      1.1525,
      0.1475,
      1.19,
      0.185,
      1.2275,
      0.2225,
      1.265,
      0.26,
      1.3,
      0.2975,
      1.3375,
      0.335,
      1.375,
      0.3725,
      1.4125,
      0.41,
      1.45,
      0.445,
      1.4875,
      0.4825,
      1.525,
      0.52,
      1.5625,
      0.5575,
      1.5975,
      0.595,
      1.635,
      0.6325,
      1.6725,
      0.67,
      1.71,
      0.7075,
      1.7475,
      0.7425,
      1.785,
      0.78,
      1.8225,
      0.8175,
      1.86,
      0.855,
      1.895,
      0.8925,
      1.9325,
      0.93,
      1.97,
      0.9675
    ],
    "SoftwareVersions": "syngo_MR_B17",
    "SpacingBetweenSlices": 2,
    "StationName": "FMRIFD7T",
    "TaskName": "FullFovAttentionTask",
    "TotalReadoutTime": 0.0190001,
    "TxRefAmp": 278,
    "dataset": "ds001555",
    "dcmmeta_affine": [
      [
        -1.9999831914901733,
        3.999781894581389e-10,
        0.008208253420889378,
        95.76705169677734
      ],
      [
        -0.00045781099470332265,
        1.9968867301940918,
        -0.11154810339212418,
        -67.94931030273438
      ],
      [
        0.008195475675165653,
        0.11154904216527939,
        1.9968699216842651,
        -37.49588394165039
      ],
      [
        0.0,
        0.0,
        0.0,
        1.0
      ]
    ],
    "dcmmeta_reorient_transform": [
      [
        0.0,
        -1.0,
        0.0,
        95.0
      ],
      [
        1.0,
        0.0,
        0.0,
        0.0
      ],
      [
        0.0,
        0.0,
        1.0,
        0.0
      ],
      [
        0.0,
        0.0,
        0.0,
        1.0
      ]
    ],
    "dcmmeta_shape": [
      96,
      96,
      54,
      164
    ],
    "dcmmeta_slice_dim": 2,
    "dcmmeta_version": 0.6,
    "global": {
      "const": {
        "AcquisitionMatrix": [
          0,
          96,
          96,
          0
        ],
        "Allergies": "No Known Allergies",
        "AngioFlag": "N",
        "BitsAllocated": 16,
        "BitsStored": 12,
        "BodyPartExamined": "HEAD",
        "Columns": 768,
        "EchoNumbers": 1,
        "EchoTime": 25.0,
        "EchoTrainLength": 1,
        "FlipAngle": 50.0,
        "HighBit": 11,
        "ImageOrientationPatient": [
          0.99999157803714,
          0.00022890549908,
          0.00409773804192,
          1.999891e-10,
          0.99844338980486,
          -0.0557745224541
        ],
        "ImagePositionPatient": [
          -767.76139276693,
          -792.86271567672,
          7.8280730866619
        ],
        "ImageType": [
          "ORIGINAL",
          "PRIMARY",
          "M",
          "ND",
          "ECHO_00",
          "MOSAIC"
        ],
        "ImagedNucleus": "1H",
        "ImagingFrequency": 297.204994,
        "InPlanePhaseEncodingDirection": "ROW",
        "LargestImagePixelValue": 4095,
        "MRAcquisitionType": "2D",
        "MagneticFieldStrength": 6.98,
        "Manufacturer": "SIEMENS",
        "ManufacturerModelName": "Investigational_Device_7T",
        "Modality": "MR",
        "NumberOfAverages": 1.0,
        "NumberOfPhaseEncodingSteps": 94,
        "PercentPhaseFieldOfView": 100.0,
        "PercentSampling": 100.0,
        "PerformedProcedureStepStartTime": "101021.055000",
        "PhotometricInterpretation": "MONOCHROME2",
        "PixelBandwidth": 2003.0,
        "PixelRepresentation": 0,
        "PixelSpacing": [
          2.0,
          2.0
        ],
        "PositionReferenceIndicator": "",
        "ProcedureCodeSequence": [
          {
            "CodeMeaning": "MRI Procedure Limited",
            "CodeValue": "MI01491",
            "CodingSchemeDesignator": "USA Standard",
            "ContextIdentifier": "4000114368"
          }
        ],
        "ProtocolName": "NIH_EPI_2.0iso_TR2_Run06",
        "ReferencedStudySequence": [
          {
            "ReferencedSOPClassUID": "1.2.840.10008.3.1.2.3.1",
            "ReferencedSOPInstanceUID": "1.2.840.113564.9.1.2723958737.61.2.5000080179"
          }
        ],
        "RepetitionTime": 2000.0,
        "RequestedProcedureCodeSequence": [
          {
            "CodeMeaning": "MRI Procedure Limited",
            "CodeValue": "MI01491",
            "CodingSchemeDesignator": "USA Standard",
            "ContextIdentifier": "4000114368"
          }
        ],
        "RequestingService": "MHMI",
        "Rows": 768,
        "SAR": 0.09174936144599,
        "SamplesPerPixel": 1,
        "ScanningSequence": "EP",
        "SequenceName": "epfid2d1_96",
        "SequenceVariant": "SK",
        "SeriesDescription": "NIH_EPI_2.0iso_TR2_Run06",
        "SeriesNumber": 11,
        "SliceLocation": -33.254354983146,
        "SliceThickness": 2.0,
        "SmallestImagePixelValue": 0,
        "SoftwareVersions": "syngo MR B17",
        "SpacingBetweenSlices": 2.0000000076982,
        "TransmitCoilName": "32Ch_Head_7T",
        "VariableFlipAngleFlag": "N",
        "WindowCenterWidthExplanation": "Algo1",
        "dBdt": 0.0
      },
