{
  "aor": 0.0021120731707317073,
  "aqi": 0.009014825792682927,
  "bids_meta": {
    "AcquisitionMatrixPE": 96,
    "AcquisitionNumber": 1,
    "AcquisitionTime": "11:21:25.462500",
    "BandwidthPerPixelPhaseEncode": 52.083,
    "BaseResolution": 96,
    "BodyPartExamined": "HEAD",
    "ConversionSoftware": "dcm2niix",
    "ConversionSoftwareVersion": "v1.0.20180622 GCC6.3.0",
    "DerivedVendorReportedEchoSpacing": 0.000600004,
    "DeviceSerialNumber": "18926",
    "DwellTime": 2.6e-06,
    "EchoTime": 0.025,
    "EffectiveEchoSpacing": 0.000200001,
    "FlipAngle": 50,
    "ImageOrientationPatientDICOM": [
      0.999992,
      0.000357506,
      0.00408853,
      2.09192e-10,
      0.996199,
      -0.0871089
    ],
    "ImageType": [
      "ORIGINAL",
      "PRIMARY",
      "M",
      "ND",
      "ECHO",
      "00",
      "MOSAIC"
    ],
    "InPlanePhaseEncodingDirectionDICOM": "ROW",
    "InstitutionName": "NIMH",
    "InstitutionalDepartmentName": "Department",
    "MRAcquisitionType": "2D",
    "MagneticFieldStrength": 6.98,
    "Manufacturer": "Siemens",
    "ManufacturersModelName": "Investigational_Device_7T",
    "Modality": "MR",
    "ParallelReductionFactorInPlane": 3,
    "PartialFourier": 1,
    "PatientPosition": "HFS",
    "PercentPhaseFOV": 100,
    "PhaseEncodingDirection": "i",
    "PhaseEncodingSteps": 94,
    "PhaseResolution": 1,
    "PixelBandwidth": 2003,
    "ProcedureStepDescription": "UserProtocols_gonzalez",
    "ProtocolName": "NIH_EPI_2.0iso_TR2_Run08",
    "PulseSequenceDetails": "%CustomerSeq%_inati_nih_epi",
    "ReceiveCoilName": "32Ch_Head_7T",
    "ReconMatrixPE": 96,
    "RepetitionTime": 2,
    "SAR": 0.0867394,
    "ScanningSequence": "EP",
    "SequenceName": "epfid2d1_96",
    "SequenceVariant": "SK",
    "SeriesDescription": "NIH_EPI_2.0iso_TR2_Run08",
    "SeriesNumber": 12,
    "ShimSetting": [
      -98,
      141,
      1026,
      2156,
      -114,
      641,
      159,
      -359
    ],
    "SliceThickness": 2,
    "SliceTiming": [
      1.0025,
      0,
      1.04,
      0.035,
      1.0775,
      0.0725,
      1.115,
      0.11,
      1.1525,
      0.1475,
      1.1875,
      0.185,
      1.225,
      0.2225,
      1.2625,
      0.26,
      1.3,
      0.295,
      1.3375,
      0.3325,
      1.375,
      0.37,
      1.4125,
      0.4075,
      1.4475,
      0.445,
      1.485,
      0.4825,
      1.5225,
      0.52,
      1.56,
      0.5575,
      1.5975,
      0.5925,
      1.635,
      0.63,
      1.6725,
      0.6675,
      1.71,
      0.705,
      1.745,
      0.7425,
      1.7825,
      0.78,
      1.82,
      0.8175,
      1.8575,
      0.855,
      1.895,
      0.89,
      1.9325,
      0.9275,
      1.97,
      0.965
    ],
    "SoftwareVersions": "syngo_MR_B17",
    "SpacingBetweenSlices": 2,
    "StationName": "FMRIFD7T",
    "TaskName": "FullFovAttentionTask",
    "TotalReadoutTime": 0.0190001,
    "TxRefAmp": 271,
    "dataset": "ds001555",
    "dcmmeta_affine": [
      [
        -1.9999831914901733,
        4.183849933170336e-10,
        0.008208253420889378,
        95.76705169677734
      ],
      [
        -0.00071501120692119,
        1.9923975467681885,
        -0.17421627044677734,
        -67.41278839111328
      ],
      [
        0.00817705225199461,
        0.17421773076057434,
        1.9923808574676514,
        -48.4176139831543
      ],
      [
        0.0,
        0.0,
        0.0,
        1.0
      ]
    ],
    "dcmmeta_reorient_transform": [
      [
        0.0,
        -1.0,
        0.0,
        95.0
      ],
      [
        1.0,
        0.0,
        0.0,
        0.0
      ],
      [
        0.0,
        0.0,
        1.0,
        0.0
      ],
      [
        0.0,
        0.0,
        0.0,
        1.0
      ]
    ],
    "dcmmeta_shape": [
      96,
      96,
      54,
      164
    ],
    "dcmmeta_slice_dim": 2,
    "dcmmeta_version": 0.6,
    "global": {
      "const": {
        "AcquisitionMatrix": [
          0,
          96,
          96,
          0
        ],
        "AngioFlag": "N",
        "BitsAllocated": 16,
        "BitsStored": 12,
        "BodyPartExamined": "HEAD",
        "Columns": 768,
        "EchoNumbers": 1,
        "EchoTime": 25.0,
        "EchoTrainLength": 1,
        "FlipAngle": 50.0,
        "HighBit": 11,
        "ImageOrientationPatient": [
          0.99999157803689,
          0.00035750560761,
          0.00408852602124,
          2.091925e-10,
          0.99619879815356,
          -0.087108866124
        ],
        "ImagePositionPatient": [
          -767.76139277381,
          -791.55081700269,
          23.922737653976
        ],
        "ImageType": [
          "ORIGINAL",
          "PRIMARY",
          "M",
          "ND",
          "ECHO_00",
          "MOSAIC"
        ],
        "ImagedNucleus": "1H",
        "ImagingFrequency": 297.205067,
        "InPlanePhaseEncodingDirection": "ROW",
        "LargestImagePixelValue": 4095,
        "MRAcquisitionType": "2D",
        "MagneticFieldStrength": 6.98,
        "Manufacturer": "SIEMENS",
        "ManufacturerModelName": "Investigational_Device_7T",
        "Modality": "MR",
        "NumberOfAverages": 1.0,
        "NumberOfPhaseEncodingSteps": 94,
        "PercentPhaseFieldOfView": 100.0,
        "PercentSampling": 100.0,
        "PerformedProcedureStepStartTime": "101729.015000",
        "PhotometricInterpretation": "MONOCHROME2",
        "PixelBandwidth": 2003.0,
        "PixelRepresentation": 0,
        "PixelSpacing": [
          2.0,
          2.0
        ],
        "PositionReferenceIndicator": "",
        "ProtocolName": "NIH_EPI_2.0iso_TR2_Run08",
        "RepetitionTime": 2000.0,
        "Rows": 768,
        "SAR": 0.08673938405539,
        "SamplesPerPixel": 1,
        "ScanningSequence": "EP",
        "SequenceName": "epfid2d1_96",
        "SequenceVariant": "SK",
        "SeriesDescription": "NIH_EPI_2.0iso_TR2_Run08",
        "SeriesNumber": 12,
        "SliceLocation": -41.967921689492,
        "SliceThickness": 2.0,
        "SmallestImagePixelValue": 0,
        "SoftwareVersions": "syngo MR B17",
        "SpacingBetweenSlices": 2.0000000115774,
        "TransmitCoilName": "32Ch_Head_7T",
        "VariableFlipAngleFlag": "N",
        "WindowCenterWidthExplanation": "Algo1",
        "dBdt": 0.0
      },
