{
  "aor": 0.0012791463414634145,
  "aqi": 0.011842714085365854,
  "bids_meta": {
    "AcquisitionMatrixPE": 96,
    "AcquisitionNumber": 1,
    "AcquisitionTime": "13:51:37.395000",
    "BandwidthPerPixelPhaseEncode": 52.083,
    "BaseResolution": 96,
    "BodyPartExamined": "HEAD",
    "ConversionSoftware": "dcm2niix",
    "ConversionSoftwareVersion": "v1.0.20180622 GCC6.3.0",
    "DerivedVendorReportedEchoSpacing": 0.000600004,
    "DeviceSerialNumber": "18926",
    "DwellTime": 2.6e-06,
    "EchoTime": 0.025,
    "EffectiveEchoSpacing": 0.000200001,
    "FlipAngle": 50,
    "ImageOrientationPatientDICOM": [
      0.999992,
      2.12957e-05,
      0.00410407,
      2.05498e-10,
      0.999987,
      -0.00518891
    ],
    "ImageType": [
      "ORIGINAL",
      "PRIMARY",
      "M",
      "ND",
      "ECHO",
      "00",
      "MOSAIC"
    ],
    "InPlanePhaseEncodingDirectionDICOM": "ROW",
    "InstitutionName": "NIMH",
    "InstitutionalDepartmentName": "Department",
    "MRAcquisitionType": "2D",
    "MagneticFieldStrength": 6.98,
    "Manufacturer": "Siemens",
    "ManufacturersModelName": "Investigational_Device_7T",
    "Modality": "MR",
    "ParallelReductionFactorInPlane": 3,
    "PartialFourier": 1,
    "PatientPosition": "HFS",
    "PercentPhaseFOV": 100,
    "PhaseEncodingDirection": "i",
    "PhaseEncodingSteps": 94,
    "PhaseResolution": 1,
    "PixelBandwidth": 2003,
    "ProcedureStepDescription": "MRI_Procedure_Limited",
    "ProtocolName": "NIH_EPI_2.0iso_TR2_Run04",
    "PulseSequenceDetails": "%CustomerSeq%_inati_nih_epi",
    "ReceiveCoilName": "32Ch_Head_7T",
    "ReconMatrixPE": 96,
    "RepetitionTime": 2,
    "SAR": 0.090368,
    "ScanningSequence": "EP",
    "SequenceName": "epfid2d1_96",
    "SequenceVariant": "SK",
    "SeriesDescription": "NIH_EPI_2.0iso_TR2_Run04",
    "SeriesNumber": 9,
    "ShimSetting": [
      -74,
      143,
      1102,
      2258,
      -61,
      565,
      252,
      -378
    ],
    "SliceThickness": 2,
    "SliceTiming": [
      1.0025,
      0,
      1.04,
      0.0375,
      1.0775,
      0.075,
      1.115,
      0.11,
      1.1525,
      0.1475,
      1.19,
      0.185,
      1.2275,
      0.2225,
      1.2625,
      0.26,
      1.3,
      0.2975,
      1.3375,
      0.335,
      1.375,
      0.3725,
      1.4125,
      0.4075,
      1.45,
      0.445,
      1.4875,
      0.4825,
      1.525,
      0.52,
      1.56,
      0.5575,
      1.5975,
      0.595,
      1.635,
      0.6325,
      1.6725,
      0.6675,
      1.71,
      0.705,
      1.7475,
      0.7425,
      1.785,
      0.78,
      1.8225,
      0.8175,
      1.8575,
      0.855,
      1.895,
      0.8925,
      1.9325,
      0.93,
      1.97,
      0.965
    ],
    "SoftwareVersions": "syngo_MR_B17",
    "SpacingBetweenSlices": 2,
    "StationName": "FMRIFD7T",
    "TaskName": "FullFovAttentionTask",
    "TotalReadoutTime": 0.0190001,
    "TxRefAmp": 277,
    "dataset": "ds001555",
    "dcmmeta_affine": [
      [
        -1.9999831914901733,
        4.1099659786603127e-10,
        0.008208253420889378,
        95.76705169677734
      ],
      [
        -4.259147317497991e-05,
        1.9999730587005615,
        -0.010377731174230576,
        -70.11437225341797
      ],
      [
        0.008208143524825573,
        0.01037781871855259,
        1.9999561309814453,
        -37.54548645019531
      ],
      [
        0.0,
        0.0,
        0.0,
        1.0
      ]
    ],
    "dcmmeta_reorient_transform": [
      [
        0.0,
        -1.0,
        0.0,
        95.0
      ],
      [
        1.0,
        0.0,
        0.0,
        0.0
      ],
      [
        0.0,
        0.0,
        1.0,
        0.0
      ],
      [
        0.0,
        0.0,
        0.0,
        1.0
      ]
    ],
    "dcmmeta_shape": [
      96,
      96,
      54,
      164
    ],
    "dcmmeta_slice_dim": 2,
    "dcmmeta_version": 0.6,
    "global": {
      "const": {
        "AcquisitionMatrix": [
          0,
          96,
          96,
          0
        ],
        "Allergies": "No Known Allergies",
        "AngioFlag": "N",
        "BitsAllocated": 16,
        "BitsStored": 12,
        "BodyPartExamined": "HEAD",
        "Columns": 768,
        "EchoNumbers": 1,
        "EchoTime": 25.0,
        "EchoTrainLength": 1,
        "FlipAngle": 50.0,
        "HighBit": 11,
        "ImageOrientationPatient": [
          0.9999915780361,
          2.129573671e-05,
          0.00410407156009,
          2.054983e-10,
          0.99998653751898,
          -0.0051889094043
        ],
        "ImagePositionPatient": [
          -767.76139277037,
          -791.88833443707,
          -35.830582786369
        ],
        "ImageType": [
          "ORIGINAL",
          "PRIMARY",
          "M",
          "ND",
          "ECHO_00",
          "MOSAIC"
        ],
        "ImagedNucleus": "1H",
        "ImagingFrequency": 297.204991,
        "InPlanePhaseEncodingDirection": "ROW",
        "LargestImagePixelValue": 4095,
        "MRAcquisitionType": "2D",
        "MagneticFieldStrength": 6.98,
        "Manufacturer": "SIEMENS",
        "ManufacturerModelName": "Investigational_Device_7T",
        "Modality": "MR",
        "NumberOfAverages": 1.0,
        "NumberOfPhaseEncodingSteps": 94,
        "PercentPhaseFieldOfView": 100.0,
        "PercentSampling": 100.0,
        "PerformedProcedureStepStartTime": "130113.462000",
        "PhotometricInterpretation": "MONOCHROME2",
        "PixelBandwidth": 2003.0,
        "PixelRepresentation": 0,
        "PixelSpacing": [
          2.0,
          2.0
        ],
        "PositionReferenceIndicator": "",
        "ProcedureCodeSequence": [
          {
            "CodeMeaning": "MRI Procedure Limited",
            "CodeValue": "MI01491",
            "CodingSchemeDesignator": "USA Standard",
            "ContextIdentifier": "4000112203"
          }
        ],
        "ProtocolName": "NIH_EPI_2.0iso_TR2_Run04",
        "ReferencedStudySequence": [
          {
            "ReferencedSOPClassUID": "1.2.840.10008.3.1.2.3.1",
            "ReferencedSOPInstanceUID": "1.2.840.113564.9.1.2723958737.61.2.5000078010"
          }
        ],
        "RepetitionTime": 2000.0,
        "RequestedProcedureCodeSequence": [
          {
            "CodeMeaning": "MRI Procedure Limited",
            "CodeValue": "MI01491",
            "CodingSchemeDesignator": "USA Standard",
            "ContextIdentifier": "4000112203"
          }
        ],
        "RequestingService": "MHMI",
        "Rows": 768,
        "SAR": 0.09036795682303,
        "SamplesPerPixel": 1,
        "ScanningSequence": "EP",
        "SequenceName": "epfid2d1_96",
        "SequenceVariant": "SK",
        "SeriesDescription": "NIH_EPI_2.0iso_TR2_Run04",
        "SeriesNumber": 9,
        "SliceLocation": -36.78781076192,
        "SliceThickness": 2.0,
        "SmallestImagePixelValue": 0,
        "SoftwareVersions": "syngo MR B17",
        "SpacingBetweenSlices": 1.9999999356774,
        "TransmitCoilName": "32Ch_Head_7T",
        "VariableFlipAngleFlag": "N",
        "WindowCenterWidthExplanation": "Algo1",
        "dBdt": 0.0
      },
