{
  "aor": 0.0010721341463414634,
  "aqi": 0.008235399268292682,
  "bids_meta": {
    "AcquisitionMatrixPE": 96,
    "AcquisitionNumber": 1,
    "AcquisitionTime": "17:55:8.807500",
    "BandwidthPerPixelPhaseEncode": 52.083,
    "BaseResolution": 96,
    "BodyPartExamined": "HEAD",
    "ConversionSoftware": "dcm2niix",
    "ConversionSoftwareVersion": "v1.0.20180622 GCC6.3.0",
    "DerivedVendorReportedEchoSpacing": 0.000600004,
    "DeviceSerialNumber": "18926",
    "DwellTime": 2.6e-06,
    "EchoTime": 0.025,
    "EffectiveEchoSpacing": 0.000200001,
    "FlipAngle": 50,
    "ImageOrientationPatientDICOM": [
      1,
      -2.05103e-10,
      0,
      2.05103e-10,
      1,
      0
    ],
    "ImageType": [
      "ORIGINAL",
      "PRIMARY",
      "M",
      "ND",
      "ECHO",
      "00",
      "MOSAIC"
    ],
    "InPlanePhaseEncodingDirectionDICOM": "ROW",
    "InstitutionName": "NIMH",
    "InstitutionalDepartmentName": "Department",
    "MRAcquisitionType": "2D",
    "MagneticFieldStrength": 6.98,
    "Manufacturer": "Siemens",
    "ManufacturersModelName": "Investigational_Device_7T",
    "Modality": "MR",
    "ParallelReductionFactorInPlane": 3,
    "PartialFourier": 1,
    "PatientPosition": "HFS",
    "PercentPhaseFOV": 100,
    "PhaseEncodingDirection": "i",
    "PhaseEncodingSteps": 94,
    "PhaseResolution": 1,
    "PixelBandwidth": 2003,
    "ProcedureStepDescription": "MRI_Procedure_Limited",
    "ProtocolName": "NIH_EPI1.5_2.0iso_TR2_Run05",
    "PulseSequenceDetails": "%CustomerSeq%_inati_nih_epi_1_5",
    "ReceiveCoilName": "32Ch_Head_7T",
    "ReconMatrixPE": 96,
    "RepetitionTime": 2,
    "SAR": 0.0847833,
    "ScanningSequence": "EP",
    "SequenceName": "epfid2d1_96",
    "SequenceVariant": "SK",
    "SeriesDescription": "NIH_EPI1.5_2.0iso_TR2_Run05",
    "SeriesNumber": 9,
    "ShimSetting": [
      -139,
      131,
      1236,
      2353,
      -246,
      520,
      291,
      -272
    ],
    "SliceThickness": 2,
    "SliceTiming": [
      1.0025,
      0,
      1.04,
      0.0375,
      1.0775,
      0.0725,
      1.115,
      0.11,
      1.1525,
      0.1475,
      1.19,
      0.185,
      1.225,
      0.2225,
      1.2625,
      0.26,
      1.3,
      0.2975,
      1.3375,
      0.335,
      1.375,
      0.37,
      1.4125,
      0.4075,
      1.45,
      0.445,
      1.4875,
      0.4825,
      1.5225,
      0.52,
      1.56,
      0.5575,
      1.5975,
      0.595,
      1.635,
      0.63,
      1.6725,
      0.6675,
      1.71,
      0.705,
      1.7475,
      0.7425,
      1.785,
      0.78,
      1.82,
      0.8175,
      1.8575,
      0.855,
      1.895,
      0.8925,
      1.9325,
      0.9275,
      1.97,
      0.965
    ],
    "SoftwareVersions": "syngo_MR_B17",
    "SpacingBetweenSlices": 2,
    "StationName": "FMRIFD7T",
    "TaskName": "FullFovAttentionTask",
    "TotalReadoutTime": 0.0190001,
    "TxRefAmp": 276,
    "dataset": "ds001555",
    "dcmmeta_affine": [
      [
        -2.0,
        4.1020681296188855e-10,
        0.0,
        96.0
      ],
      [
        4.1020681296188855e-10,
        2.0,
        0.0,
        -68.3614501953125
      ],
      [
        0.0,
        0.0,
        2.0,
        -32.0843391418457
      ],
      [
        0.0,
        0.0,
        0.0,
        1.0
      ]
    ],
    "dcmmeta_reorient_transform": [
      [
        0.0,
        -1.0,
        0.0,
        95.0
      ],
      [
        1.0,
        0.0,
        0.0,
        0.0
      ],
      [
        0.0,
        0.0,
        1.0,
        0.0
      ],
      [
        0.0,
        0.0,
        0.0,
        1.0
      ]
    ],
    "dcmmeta_shape": [
      96,
      96,
      54,
      164
    ],
    "dcmmeta_slice_dim": 2,
    "dcmmeta_version": 0.6,
    "global": {
      "const": {
        "AcquisitionMatrix": [
          0,
          96,
          96,
          0
        ],
        "Allergies": "No Known Allergies",
        "AngioFlag": "N",
        "BitsAllocated": 16,
        "BitsStored": 12,
        "BodyPartExamined": "HEAD",
        "Columns": 768,
        "EchoNumbers": 1,
        "EchoTime": 25.0,
        "EchoTrainLength": 1,
        "FlipAngle": 50.0,
        "HighBit": 11,
        "ImageOrientationPatient": [
          1.0,
          -2.051034e-10,
          0.0,
          2.051034e-10,
          1.0,
          0.0
        ],
        "ImagePositionPatient": [
          -768.00000015752,
          -793.63855346187,
          -32.084339141846
        ],
        "ImageType": [
          "ORIGINAL",
          "PRIMARY",
          "M",
          "ND",
          "ECHO_00",
          "MOSAIC"
        ],
        "ImagedNucleus": "1H",
        "ImagingFrequency": 297.204911,
        "InPlanePhaseEncodingDirection": "ROW",
        "MRAcquisitionType": "2D",
        "MagneticFieldStrength": 6.98,
        "Manufacturer": "SIEMENS",
        "ManufacturerModelName": "Investigational_Device_7T",
        "Modality": "MR",
        "NumberOfAverages": 1.0,
        "NumberOfPhaseEncodingSteps": 94,
        "PercentPhaseFieldOfView": 100.0,
        "PercentSampling": 100.0,
        "PerformedProcedureStepStartTime": "165915.421000",
        "PhotometricInterpretation": "MONOCHROME2",
        "PixelBandwidth": 2003.0,
        "PixelRepresentation": 0,
        "PixelSpacing": [
          2.0,
          2.0
        ],
        "PositionReferenceIndicator": "",
        "ProcedureCodeSequence": [
          {
            "CodeMeaning": "MRI Procedure Limited",
            "CodeValue": "MI01491",
            "CodingSchemeDesignator": "USA Standard",
            "ContextIdentifier": "4000140010"
          }
        ],
        "ProtocolName": "NIH_EPI1.5_2.0iso_TR2_Run05",
        "ReferencedStudySequence": [
          {
            "ReferencedSOPClassUID": "1.2.840.10008.3.1.2.3.1",
            "ReferencedSOPInstanceUID": "1.2.840.113564.9.1.2787814059.53.2.5000105881"
          }
        ],
        "RepetitionTime": 2000.0,
        "RequestedProcedureCodeSequence": [
          {
            "CodeMeaning": "MRI Procedure Limited",
            "CodeValue": "MI01491",
            "CodingSchemeDesignator": "USA Standard",
            "ContextIdentifier": "4000140010"
          }
        ],
        "RequestingService": "NIMH Molecular Imaging Branch",
        "Rows": 768,
        "SAR": 0.08478332352825,
        "SamplesPerPixel": 1,
        "ScanningSequence": "EP",
        "SequenceName": "epfid2d1_96",
        "SequenceVariant": "SK",
        "SeriesDescription": "NIH_EPI1.5_2.0iso_TR2_Run05",
        "SeriesNumber": 9,
        "SliceLocation": -32.084339141846,
        "SliceThickness": 2.0,
        "SmallestImagePixelValue": 0,
        "SoftwareVersions": "syngo MR B17",
        "SpacingBetweenSlices": 2.0000000719754,
        "TransmitCoilName": "32Ch_Head_7T",
        "VariableFlipAngleFlag": "N",
        "WindowCenterWidthExplanation": "Algo1",
        "dBdt": 0.0
      },
