{
  "aor": 0.00411548780487805,
  "aqi": 0.007007782134146342,
  "bids_meta": {
    "AcquisitionMatrixPE": 96,
    "AcquisitionNumber": 1,
    "AcquisitionTime": "17:56:59.682500",
    "BandwidthPerPixelPhaseEncode": 52.083,
    "BaseResolution": 96,
    "BodyPartExamined": "HEAD",
    "ConversionSoftware": "dcm2niix",
    "ConversionSoftwareVersion": "v1.0.20180622 GCC6.3.0",
    "DerivedVendorReportedEchoSpacing": 0.000600004,
    "DeviceSerialNumber": "18926",
    "DwellTime": 2.6e-06,
    "EchoTime": 0.025,
    "EffectiveEchoSpacing": 0.000200001,
    "FlipAngle": 50,
    "ImageOrientationPatientDICOM": [
      0.999992,
      0.00100659,
      0.00397877,
      1.98401e-10,
      0.969457,
      -0.245262
    ],
    "ImageType": [
      "ORIGINAL",
      "PRIMARY",
      "M",
      "ND",
      "ECHO",
      "00",
      "MOSAIC"
    ],
    "InPlanePhaseEncodingDirectionDICOM": "ROW",
    "InstitutionName": "NIMH",
    "InstitutionalDepartmentName": "Department",
    "MRAcquisitionType": "2D",
    "MagneticFieldStrength": 6.98,
    "Manufacturer": "Siemens",
    "ManufacturersModelName": "Investigational_Device_7T",
    "Modality": "MR",
    "ParallelReductionFactorInPlane": 3,
    "PartialFourier": 1,
    "PatientPosition": "HFS",
    "PercentPhaseFOV": 100,
    "PhaseEncodingDirection": "i",
    "PhaseEncodingSteps": 94,
    "PhaseResolution": 1,
    "PixelBandwidth": 2003,
    "ProcedureStepDescription": "MRI_Procedure_Limited",
    "ProtocolName": "NIH_EPI_2.0iso_TR2_Run02",
    "PulseSequenceDetails": "%CustomerSeq%_inati_nih_epi",
    "ReceiveCoilName": "32Ch_Head_7T",
    "ReconMatrixPE": 96,
    "RepetitionTime": 2,
    "SAR": 0.0804994,
    "ScanningSequence": "EP",
    "SequenceName": "epfid2d1_96",
    "SequenceVariant": "SK",
    "SeriesDescription": "NIH_EPI_2.0iso_TR2_Run02",
    "SeriesNumber": 7,
    "ShimSetting": [
      -39,
      169,
      894,
      1298,
      -62,
      494,
      -26,
      -417
    ],
    "SliceThickness": 2,
    "SliceTiming": [
      1.0025,
      0,
      1.04,
      0.0375,
      1.0775,
      0.075,
      1.115,
      0.11,
      1.1525,
      0.1475,
      1.19,
      0.185,
      1.2275,
      0.2225,
      1.2625,
      0.26,
      1.3,
      0.2975,
      1.3375,
      0.335,
      1.375,
      0.3725,
      1.4125,
      0.4075,
      1.45,
      0.445,
      1.4875,
      0.4825,
      1.525,
      0.52,
      1.56,
      0.5575,
      1.5975,
      0.595,
      1.635,
      0.6325,
      1.6725,
      0.67,
      1.71,
      0.705,
      1.7475,
      0.7425,
      1.785,
      0.78,
      1.8225,
      0.8175,
      1.8575,
      0.855,
      1.895,
      0.8925,
      1.9325,
      0.93,
      1.97,
      0.965
    ],
    "SoftwareVersions": "syngo_MR_B17",
    "SpacingBetweenSlices": 2,
    "StationName": "FMRIFD7T",
    "TaskName": "HalfFovNoTask",
    "TotalReadoutTime": 0.0190001,
    "TxRefAmp": 322,
    "dataset": "ds001555",
    "dcmmeta_affine": [
      [
        -1.9999831914901733,
        3.9680239649619864e-10,
        0.008208253420889378,
        95.76705169677734
      ],
      [
        -0.0020131703931838274,
        1.9389138221740723,
        -0.4905194342136383,
        -52.40839767456055
      ],
      [
        0.007957547903060913,
        0.4905235469341278,
        1.9388974905014038,
        -48.362403869628906
      ],
      [
        0.0,
        0.0,
        0.0,
        1.0
      ]
    ],
    "dcmmeta_reorient_transform": [
      [
        0.0,
        -1.0,
        0.0,
        95.0
      ],
      [
        1.0,
        0.0,
        0.0,
        0.0
      ],
      [
        0.0,
        0.0,
        1.0,
        0.0
      ],
      [
        0.0,
        0.0,
        0.0,
        1.0
      ]
    ],
    "dcmmeta_shape": [
      96,
      96,
      54,
      164
    ],
    "dcmmeta_slice_dim": 2,
    "dcmmeta_version": 0.6,
    "global": {
      "const": {
        "AcquisitionMatrix": [
          0,
          96,
          96,
          0
        ],
        "Allergies": "No Known Allergies",
        "AngioFlag": "N",
        "BitsAllocated": 16,
        "BitsStored": 12,
        "BodyPartExamined": "HEAD",
        "Columns": 768,
        "EchoNumbers": 1,
        "EchoTime": 25.0,
        "EchoTrainLength": 1,
        "FlipAngle": 50.0,
        "HighBit": 11,
        "ImageOrientationPatient": [
          0.99999157803706,
          0.00100658515696,
          0.00397877384048,
          1.984012e-10,
          0.96945689128577,
          -0.2452617702344
        ],
        "ImagePositionPatient": [
          -767.76139276565,
          -783.93986653399,
          160.37950466745
        ],
        "ImageType": [
          "ORIGINAL",
          "PRIMARY",
          "M",
          "ND",
          "ECHO_00",
          "MOSAIC"
        ],
        "ImagedNucleus": "1H",
        "ImagingFrequency": 297.20487,
        "InPlanePhaseEncodingDirection": "ROW",
        "LargestImagePixelValue": 4095,
        "MRAcquisitionType": "2D",
        "MagneticFieldStrength": 6.98,
        "Manufacturer": "SIEMENS",
        "ManufacturerModelName": "Investigational_Device_7T",
        "Modality": "MR",
        "NumberOfAverages": 1.0,
        "NumberOfPhaseEncodingSteps": 94,
        "PercentPhaseFieldOfView": 100.0,
        "PercentSampling": 100.0,
        "PerformedProcedureStepStartTime": "172727.468000",
        "PhotometricInterpretation": "MONOCHROME2",
        "PixelBandwidth": 2003.0,
        "PixelRepresentation": 0,
        "PixelSpacing": [
          2.0,
          2.0
        ],
        "PositionReferenceIndicator": "",
        "ProcedureCodeSequence": [
          {
            "CodeMeaning": "MRI Procedure Limited",
            "CodeValue": "MI01491",
            "CodingSchemeDesignator": "USA Standard",
            "ContextIdentifier": "4000120229"
          }
        ],
        "ProtocolName": "NIH_EPI_2.0iso_TR2_Run02",
        "ReferencedStudySequence": [
          {
            "ReferencedSOPClassUID": "1.2.840.10008.3.1.2.3.1",
            "ReferencedSOPInstanceUID": "1.2.840.113564.9.1.2723958737.61.2.5000086040"
          }
        ],
        "RepetitionTime": 2000.0,
        "RequestedProcedureCodeSequence": [
          {
            "CodeMeaning": "MRI Procedure Limited",
            "CodeValue": "MI01491",
            "CodingSchemeDesignator": "USA Standard",
            "ContextIdentifier": "4000120229"
          }
        ],
        "RequestingService": "NIHM Molecular Imaging Branch",
        "Rows": 768,
        "SAR": 0.080499376312,
        "SamplesPerPixel": 1,
        "ScanningSequence": "EP",
        "SequenceName": "epfid2d1_96",
        "SequenceVariant": "SK",
        "SeriesDescription": "NIH_EPI_2.0iso_TR2_Run02",
        "SeriesNumber": 7,
        "SliceLocation": -33.63816362769,
        "SliceThickness": 2.0,
        "SmallestImagePixelValue": 0,
        "SoftwareVersions": "syngo MR B17",
        "SpacingBetweenSlices": 2.0000000574333,
        "TransmitCoilName": "32Ch_Head_7T",
        "VariableFlipAngleFlag": "N",
        "WindowCenterWidthExplanation": "Algo1",
        "dBdt": 0.0
      },
